GEM
  remote: https://rubygems.org/
  specs:
    nokogiri (1.6.6.2-java)
    rack (1.6.0)

PLATFORMS
  java

DEPENDENCIES
  nokogiri
  rack
